GEM
  remote: https://rubygems.org/
  specs:
    pg (1.2.2)

PLATFORMS
  ruby

DEPENDENCIES
  pg

RUBY VERSION
   ruby 2.6.3p62

BUNDLED WITH
   2.1.2
